GEM
  remote: https://rubygems.org/
  specs:
    ast (2.4.2)
    debug (1.7.2)
      irb (>= 1.5.0)
      reline (>= 0.3.1)
    io-console (0.6.0)
    irb (1.6.4)
      reline (>= 0.3.0)
    jaro_winkler (1.5.4)
    parallel (1.22.1)
    parser (3.2.2.0)
      ast (~> 2.4.1)
    rainbow (3.1.1)
    reline (0.3.3)
      io-console (~> 0.5)
    rexml (3.2.5)
    rubocop (0.80.1)
      jaro_winkler (~> 1.5.1)
      parallel (~> 1.10)
      parser (>= 2.7.0.1)
      rainbow (>= 2.2.2, < 4.0)
      rexml
      ruby-progressbar (~> 1.7)
      unicode-display_width (>= 1.4.0, < 1.7)
    ruby-progressbar (1.13.0)
    unicode-display_width (1.6.1)

PLATFORMS
  x86_64-darwin-20

DEPENDENCIES
  debug (~> 1.0)
  rubocop (~> 0.80.0)

BUNDLED WITH
   2.4.10
